GEM
  remote: http://rubygems.org/
  specs:
    activerecord (2.3.11)
      activesupport (= 2.3.11)
    activesupport (2.3.11)
    columnize (0.3.2)
    linecache (0.43)
    minitest (2.2.2)
    mocha (0.9.12)
    ruby-debug (0.10.4)
      columnize (>= 0.1)
      ruby-debug-base (~> 0.10.4.0)
    ruby-debug-base (0.10.4)
      linecache (>= 0.3)
    sqlite3-ruby (1.2.4)
    timecop (0.3.5)

PLATFORMS
  ruby

DEPENDENCIES
  activerecord (= 2.3.11)
  minitest (= 2.2.2)
  mocha (= 0.9.12)
  ruby-debug (= 0.10.4)
  sqlite3-ruby
  timecop (= 0.3.5)
