GEM
  remote: http://rubygems.org/
  specs:
    activerecord (2.3.11)
      activesupport (= 2.3.11)
    activesupport (2.3.11)
    columnize (0.3.2)
    json (1.5.1)
    linecache (0.43)
    minitest (2.12.1)
    mocha (0.9.12)
    rack (1.3.0)
    rake (0.9.2.2)
    redis (2.2.1)
    redis-namespace (1.0.3)
      redis (< 3.0.0)
    resque (1.17.1)
      json (>= 1.4.6, < 1.6)
      redis-namespace (~> 1.0.2)
      sinatra (>= 0.9.2)
      vegas (~> 0.1.2)
    ruby-debug (0.10.4)
      columnize (>= 0.1)
      ruby-debug-base (~> 0.10.4.0)
    ruby-debug-base (0.10.4)
      linecache (>= 0.3)
    sinatra (1.2.6)
      rack (~> 1.1)
      tilt (>= 1.2.2, < 2.0)
    sqlite3-ruby (1.2.4)
    tilt (1.3.2)
    timecop (0.3.5)
    vegas (0.1.8)
      rack (>= 1.0.0)

PLATFORMS
  ruby

DEPENDENCIES
  activerecord (= 2.3.11)
  minitest (= 2.12.1)
  mocha (= 0.9.12)
  rake
  resque (= 1.17.1)
  ruby-debug (= 0.10.4)
  sqlite3-ruby
  timecop (= 0.3.5)
